GIT
  remote: git://github.com/collectiveidea/delayed_job.git
  revision: 411719b38c51a7fbd060ea139fd64adb20107a5d
  specs:
    delayed_job (2.1.2)
      activesupport (~> 3.0)
      daemons

GIT
  remote: git://github.com/freelancing-god/ts-delayed-delta.git
  revision: 3349b0c5938e8e217c4e27ef40a10aa09905c157
  specs:
    ts-delayed-delta (1.1.1)
      delayed_job (>= 1.8.4)
      thinking-sphinx (>= 1.3.6)

GIT
  remote: git://github.com/sanjman71/crack.git
  revision: 1f3495c1205c134509dba0be3b570ee8adbefe83
  specs:
    crack (0.1.8)

GEM
  remote: http://rubygems.org/
  specs:
    RedCloth (4.2.3)
    SyslogLogger (1.4.0)
      hoe (>= 1.2.0)
    aasm (2.2.0)
    abstract (1.0.0)
    actionmailer (3.0.0)
      actionpack (= 3.0.0)
      mail (~> 2.2.5)
    actionpack (3.0.0)
      activemodel (= 3.0.0)
      activesupport (= 3.0.0)
      builder (~> 2.1.2)
      erubis (~> 2.6.6)
      i18n (~> 0.4.1)
      rack (~> 1.2.1)
      rack-mount (~> 0.6.12)
      rack-test (~> 0.5.4)
      tzinfo (~> 0.3.23)
    activemodel (3.0.0)
      activesupport (= 3.0.0)
      builder (~> 2.1.2)
      i18n (~> 0.4.1)
    activerecord (3.0.0)
      activemodel (= 3.0.0)
      activesupport (= 3.0.0)
      arel (~> 1.0.0)
      tzinfo (~> 0.3.23)
    activeresource (3.0.0)
      activemodel (= 3.0.0)
      activesupport (= 3.0.0)
    activesupport (3.0.0)
    acts-as-taggable-on (2.0.6)
    addressable (2.2.2)
    alchemist (0.1.2)
    archive-tar-minitar (0.5.2)
    arel (1.0.1)
      activesupport (~> 3.0.0)
    bcrypt-ruby (2.1.3)
    builder (2.1.2)
    capistrano (2.5.19)
      highline
      net-scp (>= 1.0.0)
      net-sftp (>= 2.0.0)
      net-ssh (>= 2.0.14)
      net-ssh-gateway (>= 1.0.0)
    capybara (0.4.0)
      celerity (>= 0.7.9)
      culerity (>= 0.2.4)
      mime-types (>= 1.16)
      nokogiri (>= 1.3.3)
      rack (>= 1.0.0)
      rack-test (>= 0.5.4)
      selenium-webdriver (>= 0.0.27)
      xpath (~> 0.1.2)
    celerity (0.8.2)
    childprocess (0.1.3)
      ffi (~> 0.6.3)
    chronic (0.3.0)
    columnize (0.3.1)
    configuration (1.1.0)
    cucumber (0.9.4)
      builder (~> 2.1.2)
      diff-lcs (~> 1.1.2)
      gherkin (~> 2.2.9)
      json (~> 1.4.6)
      term-ansicolor (~> 1.0.5)
    cucumber-rails (0.3.2)
      cucumber (>= 0.8.0)
    culerity (0.2.12)
    daemons (1.0.10)
    database_cleaner (0.6.0)
    devise (1.2.rc)
      bcrypt-ruby (~> 2.1.2)
      orm_adapter (~> 0.0.2)
      warden (~> 1.0.2)
    diff-lcs (1.1.2)
    dotiw (0.4.1)
    email_spec (1.0.0)
    erubis (2.6.6)
      abstract (>= 1.0.0)
    eventmachine (0.12.10)
    factory_girl (1.3.2)
    factory_girl_rails (1.0)
      factory_girl (~> 1.3)
      rails (>= 3.0.0.beta4)
    faraday (0.5.3)
      addressable (~> 2.2.2)
      multipart-post (~> 1.0.1)
      rack (>= 1.1.0, < 2)
    faraday_middleware (0.3.1)
      faraday (~> 0.5.3)
    ffi (0.6.3)
      rake (>= 0.8.7)
    foursquare (0.3.4)
      hashie (>= 0.1.8)
      httparty (>= 0.4.3)
      oauth (>= 0.3.5)
    geokit (1.5.0)
    gherkin (2.2.9)
      json (~> 1.4.6)
      term-ansicolor (~> 1.0.5)
    groupme-paddock (0.3.1)
    haml (3.0.18)
    haml-rails (0.3.4)
      actionpack (~> 3.0)
      activesupport (~> 3.0)
      haml (~> 3.0)
      railties (~> 3.0)
    hashie (0.4.0)
    high_voltage (0.9.2)
    highline (1.6.1)
    hoe (2.8.0)
      rake (>= 0.8.7)
    httparty (0.6.1)
      crack (= 0.1.8)
    i18n (0.4.2)
    jquery-rails (0.2.6)
      rails (~> 3.0)
      thor (~> 0.14.4)
    json (1.4.6)
    json_pure (1.4.6)
    juggernaut (2.0.0)
      redis
    launchy (0.3.7)
      configuration (>= 0.0.5)
      rake (>= 0.8.1)
    less (1.2.21)
      mutter (>= 0.4.2)
      treetop (>= 1.4.2)
    linecache19 (0.5.11)
      ruby_core_source (>= 0.1.4)
    mail (2.2.5)
      activesupport (>= 2.3.6)
      mime-types
      treetop (>= 1.4.5)
    meta_where (0.9.6)
      activerecord (~> 3.0.0)
      activesupport (~> 3.0.0)
      arel (~> 1.0.1)
    mime-types (1.16)
    mocha (0.9.8)
      rake
    multi_json (0.0.5)
    multi_xml (0.2.0)
    multipart-post (1.0.1)
    mutter (0.5.3)
    net-ldap (0.1.1)
    net-scp (1.0.3)
      net-ssh (>= 1.99.1)
    net-sftp (2.0.5)
      net-ssh (>= 2.0.9)
    net-ssh (2.0.23)
    net-ssh-gateway (1.0.1)
      net-ssh (>= 1.99.1)
    nokogiri (1.4.3.1)
    oa-basic (0.1.6)
      multi_json (~> 0.0.2)
      nokogiri (~> 1.4.2)
      oa-core (= 0.1.6)
      rest-client (~> 1.6.0)
    oa-core (0.1.6)
      rack (~> 1.1)
    oa-enterprise (0.1.6)
      net-ldap (~> 0.1.1)
      nokogiri (~> 1.4.2)
      oa-core (= 0.1.6)
      pyu-ruby-sasl (~> 0.0.3.1)
      rubyntlm (~> 0.1.1)
    oa-oauth (0.1.6)
      multi_json (~> 0.0.2)
      nokogiri (~> 1.4.2)
      oa-core (= 0.1.6)
      oauth (~> 0.4.0)
      oauth2 (~> 0.1.0)
    oa-openid (0.1.6)
      oa-core (= 0.1.6)
      rack-openid (~> 1.2.0)
      ruby-openid-apps-discovery
    oauth (0.4.2)
    oauth2 (0.1.0)
      faraday (~> 0.5.0)
      multi_json (~> 0.0.4)
    omniauth (0.1.6)
      oa-basic (= 0.1.6)
      oa-core (= 0.1.6)
      oa-enterprise (= 0.1.6)
      oa-oauth (= 0.1.6)
      oa-openid (= 0.1.6)
    orm_adapter (0.0.3)
    pickle (0.4.3)
      cucumber (>= 0.8)
      rake
      rspec (>= 1.3)
      yard
    polyglot (0.3.1)
    pyu-ruby-sasl (0.0.3.2)
    rack (1.2.1)
    rack-mount (0.6.13)
      rack (>= 1.0.0)
    rack-openid (1.2.0)
      rack (>= 1.1.0)
      ruby-openid (>= 2.1.8)
    rack-test (0.5.4)
      rack (>= 1.0)
    rails (3.0.0)
      actionmailer (= 3.0.0)
      actionpack (= 3.0.0)
      activerecord (= 3.0.0)
      activeresource (= 3.0.0)
      activesupport (= 3.0.0)
      bundler (~> 1.0.0)
      railties (= 3.0.0)
    railties (3.0.0)
      actionpack (= 3.0.0)
      activesupport (= 3.0.0)
      rake (>= 0.8.4)
      thor (~> 0.14.0)
    rake (0.8.7)
    random_data (1.5.2)
    redis (2.1.1)
    redis-namespace (0.8.0)
      redis (< 3.0.0)
    resque (1.10.0)
      json (~> 1.4.6)
      redis-namespace (~> 0.8.0)
      sinatra (>= 0.9.2)
      vegas (~> 0.1.2)
    resque_unit (0.3.3)
      json (~> 1.4.6)
    rest-client (1.6.1)
      mime-types (>= 1.16)
    riddle (1.2.1)
    rspec (2.2.0)
      rspec-core (~> 2.2)
      rspec-expectations (~> 2.2)
      rspec-mocks (~> 2.2)
    rspec-core (2.2.1)
    rspec-expectations (2.2.0)
      diff-lcs (~> 1.1.2)
    rspec-mocks (2.2.0)
    rspec-rails (2.2.0)
      rails (~> 3.0.0)
      rspec (~> 2.2)
    ruby-debug-base19 (0.11.24)
      columnize (>= 0.3.1)
      linecache19 (>= 0.5.11)
      ruby_core_source (>= 0.1.4)
    ruby-debug19 (0.11.6)
      columnize (>= 0.3.1)
      linecache19 (>= 0.5.11)
      ruby-debug-base19 (>= 0.11.19)
    ruby-mysql (2.9.3)
    ruby-openid (2.1.8)
    ruby-openid-apps-discovery (1.2.0)
      ruby-openid (>= 2.1.7)
    ruby_core_source (0.1.4)
      archive-tar-minitar (>= 0.5.2)
    rubyntlm (0.1.1)
    rubyzip (0.9.4)
    selenium-webdriver (0.0.29)
      childprocess (>= 0.0.7)
      ffi (~> 0.6.3)
      json_pure
      rubyzip
    shoulda (2.11.3)
    simple_form (1.2.2)
    simple_oauth (0.1.3)
    sinatra (1.1.2)
      rack (~> 1.1)
      tilt (~> 1.2)
    single_test (0.3.7)
    term-ansicolor (1.0.5)
    test-unit (2.1.1)
    thin (1.2.7)
      daemons (>= 1.0.9)
      eventmachine (>= 0.12.6)
      rack (>= 1.0.0)
    thinking-sphinx (2.0.0)
      activerecord (>= 3.0.0)
      riddle (>= 1.2.0)
    thor (0.14.6)
    tilt (1.2.1)
    timecop (0.3.5)
    treetop (1.4.8)
      polyglot (>= 0.3.1)
    twitter (1.0.0)
      faraday (~> 0.5.3)
      faraday_middleware (~> 0.3.0)
      hashie (~> 0.4.0)
      multi_json (~> 0.0.5)
      multi_xml (~> 0.2.0)
      simple_oauth (~> 0.1.2)
    tzinfo (0.3.23)
    vegas (0.1.8)
      rack (>= 1.0.0)
    warden (1.0.3)
      rack (>= 1.0.0)
    webmock (1.6.1)
      addressable (>= 2.2.2)
      crack (>= 0.1.7)
    whenever (0.5.0)
      chronic (>= 0.2.3)
    will_paginate (3.0.pre2)
    xpath (0.1.2)
      nokogiri (~> 1.3)
    yard (0.6.3)

PLATFORMS
  ruby

DEPENDENCIES
  RedCloth (>= 4.2.3)
  SyslogLogger (>= 1.4.0)
  aasm (>= 2.2.0)
  acts-as-taggable-on (>= 2.0.6)
  alchemist (>= 0.1.2)
  capistrano
  capybara
  chronic (>= 0.3.0)
  crack!
  cucumber
  cucumber-rails
  daemons (= 1.0.10)
  database_cleaner
  delayed_job!
  devise (>= 1.2.rc)
  dotiw (>= 0.4.1)
  email_spec (>= 1.0.0)
  factory_girl_rails
  foursquare (>= 0.3.1)
  geokit (>= 1.5.0)
  groupme-paddock (>= 0.3.1)
  haml (>= 3.0.18)
  haml-rails (>= 0.3.4)
  high_voltage
  httparty (>= 0.6.1)
  jquery-rails (>= 0.2.6)
  juggernaut
  launchy
  less (>= 1.2.21)
  linecache19
  meta_where (>= 0.9.6)
  mocha
  oa-oauth
  omniauth (>= 0.1.6)
  pickle (>= 0.4.3)
  rails (= 3.0.0)
  random_data
  resque (>= 1.10.0)
  resque_unit
  rspec-rails
  ruby-debug19
  ruby-mysql
  shoulda
  simple_form (>= 1.2.2)
  single_test
  test-unit (>= 2.1.1)
  thin
  thinking-sphinx (>= 2.0.0)
  thor (>= 0.14.6)
  timecop (>= 0.3.5)
  ts-delayed-delta!
  twitter (>= 1.0.0)
  webmock (>= 1.6.1)
  whenever (>= 0.5.0)
  will_paginate (= 3.0.pre2)
